GEM
  remote: https://rubygems.org/
  specs:
    dnsimple (4.4.0)
      httparty
    httparty (0.16.1)
      multi_xml (>= 0.5.2)
    multi_xml (0.6.0)

PLATFORMS
  ruby

DEPENDENCIES
  dnsimple (~> 4.4.0)!

BUNDLED WITH
   1.16.1
